GEM
  remote: http://rubygems.org/
  specs:
    activesupport (3.0.0)
    ethon (0.5.12)
      ffi (>= 1.3.0)
      mime-types (~> 1.18)
    ffi (1.8.1)
    mime-types (1.23)
    nokogiri (1.5.9)
    typhoeus (0.6.3)
      ethon (~> 0.5.11)
    tzinfo (0.3.38)

PLATFORMS
  ruby

DEPENDENCIES
  activesupport
  nokogiri
  typhoeus
  tzinfo
