GEM
  remote: http://rubygems.org/
  specs:
    ethon (0.5.12)
      ffi (>= 1.3.0)
      mime-types (~> 1.18)
    ffi (1.8.1)
    httpi (2.1.0)
      rack
      rubyntlm (~> 0.3.2)
    json (1.8.1)
    mandrill (0.0.4)
      httpi
      json
    mime-types (1.23)
    nokogiri (1.5.9)
    rack (1.5.2)
    rubyntlm (0.3.4)
    typhoeus (0.6.3)
      ethon (~> 0.5.11)

PLATFORMS
  ruby

DEPENDENCIES
  mandrill
  nokogiri
  typhoeus
